GEM
  remote: http://rubygems.org/
  specs:
    builder (3.2.2)
    rake (10.3.2)

PLATFORMS
  x64-mingw32
  x86-mingw32

DEPENDENCIES
  builder
  bundler
  rake

BUNDLED WITH
   1.16.5
